GEM
  remote: https://rubygems.org/
  specs:

PLATFORM
  ruby

DEPENDENCIES

BUNDLED WITH
   2.0.1
